GEM
  remote: https://rubygems.org/
  specs:
    ethon (0.16.0)
      ffi (>= 1.15.0)
    ffi (1.16.3)
    mailslurp_client (15.17.40)
    minitest (5.22.2)
    typhoeus (1.4.1)
      ethon (>= 0.9.0)

PLATFORMS
  ruby

DEPENDENCIES
  mailslurp_client
  minitest
  typhoeus

BUNDLED WITH
   1.17.2
